PATH
  remote: /Users/wwboynton/repositories/shelldon
  specs:
    shelldon (0.0.1)

GEM
  specs:
    byebug (8.2.1)
    getopt (1.4.2)

PLATFORMS
  ruby

DEPENDENCIES
  byebug
  getopt
  shelldon!

BUNDLED WITH
   1.10.6
