PATH
  remote: /Users/wwboynton/repositories/shelldon
  specs:
    shelldon (0.1.0)

GEM
  specs:
    getopt (1.4.2)

PLATFORMS
  ruby

DEPENDENCIES
  getopt
  shelldon!

BUNDLED WITH
   1.10.6
