PATH
  remote: /Users/wwboynton/repositories/shelldon
  specs:
    shelldon (0.0.7)
      fuzzy_match
      getopt (~> 1.4.2)

GEM
  remote: https://rubygems.org/
  specs:
    fuzzy_match (2.1.0)
    getopt (1.4.3)

PLATFORMS
  ruby

DEPENDENCIES
  shelldon!

BUNDLED WITH
   1.11.2
